GEM
  remote: https://rubygems.org/
  specs:
    artifactory (2.3.3)
    builder (3.2.2)
    diff-lcs (1.2.5)
    facter (2.4.6)
    faraday (0.9.2)
      multipart-post (>= 1.2, < 3)
    faraday_middleware (0.10.0)
      faraday (>= 0.7.4, < 0.10)
    fast_gettext (1.1.0)
    ffi (1.9.14)
    gettext (3.2.2)
      locale (>= 2.0.5)
      text (>= 1.3.0)
    gettext-setup (0.6)
      fast_gettext (~> 1.1.0)
      gettext (>= 3.0.2)
    gssapi (1.2.0)
      ffi (>= 1.0.1)
    gyoku (1.3.1)
      builder (>= 2.1.2)
    hiera (3.2.0)
      json_pure
    httpclient (2.8.1)
    json_pure (2.0.2)
    kitchen-docker (2.5.0)
      test-kitchen (>= 1.0.0)
    kitchen-puppet (1.0.37)
      net-ssh (~> 2.0)
      test-kitchen (~> 1.4)
    kitchen-vagrant (0.20.0)
      test-kitchen (~> 1.4)
    librarian-puppet (2.2.3)
      librarianp (>= 0.6.3)
      puppet_forge (~> 2.1)
      rsync
    librarianp (0.6.3)
      thor (~> 0.15)
    little-plugger (1.1.4)
    locale (2.1.2)
    logging (2.1.0)
      little-plugger (~> 1.1)
      multi_json (~> 1.10)
    metaclass (0.0.4)
    minitar (0.5.4)
    mixlib-install (1.1.0)
      artifactory
      mixlib-shellout
      mixlib-versioning
    mixlib-shellout (2.2.6)
    mixlib-versioning (1.1.0)
    mocha (1.1.0)
      metaclass (~> 0.0.1)
    multi_json (1.12.1)
    multipart-post (2.0.0)
    net-scp (1.2.1)
      net-ssh (>= 2.6.5)
    net-ssh (2.9.4)
    net-telnet (0.1.1)
    nori (2.6.0)
    puppet (4.5.3)
      facter (> 2.0, < 4)
      hiera (>= 2.0, < 4)
      json_pure
    puppet-lint (2.0.0)
    puppet-syntax (2.1.0)
      rake
    puppet_forge (2.2.2)
      faraday (~> 0.9.0)
      faraday_middleware (>= 0.9.0, < 0.11.0)
      gettext-setup (>= 0.3)
      minitar
      semantic_puppet (~> 0.1.0)
    puppetlabs_spec_helper (1.1.1)
      mocha
      puppet-lint
      puppet-syntax
      rake
      rspec-puppet
    rake (11.2.2)
    rspec (3.5.0)
      rspec-core (~> 3.5.0)
      rspec-expectations (~> 3.5.0)
      rspec-mocks (~> 3.5.0)
    rspec-core (3.5.2)
      rspec-support (~> 3.5.0)
    rspec-expectations (3.5.0)
      diff-lcs (>= 1.2.0, < 2.0)
      rspec-support (~> 3.5.0)
    rspec-its (1.2.0)
      rspec-core (>= 3.0.0)
      rspec-expectations (>= 3.0.0)
    rspec-mocks (3.5.0)
      diff-lcs (>= 1.2.0, < 2.0)
      rspec-support (~> 3.5.0)
    rspec-puppet (2.4.0)
      rspec
    rspec-support (3.5.0)
    rsync (1.0.9)
    rubyntlm (0.6.0)
    rubyzip (1.2.0)
    safe_yaml (1.0.4)
    semantic_puppet (0.1.4)
      gettext-setup (>= 0.3)
    serverspec (2.36.0)
      multi_json
      rspec (~> 3.0)
      rspec-its
      specinfra (~> 2.53)
    sfl (2.2)
    specinfra (2.60.3)
      net-scp
      net-ssh (>= 2.7, < 4.0)
      net-telnet
      sfl
    test-kitchen (1.10.2)
      mixlib-install (~> 1.0, >= 1.0.4)
      mixlib-shellout (>= 1.2, < 3.0)
      net-scp (~> 1.1)
      net-ssh (>= 2.9, < 4.0)
      safe_yaml (~> 1.0)
      thor (~> 0.18)
    text (1.3.1)
    thor (0.19.1)
    winrm (1.8.1)
      builder (>= 2.1.2)
      gssapi (~> 1.2)
      gyoku (~> 1.0)
      httpclient (~> 2.2, >= 2.2.0.2)
      logging (>= 1.6.1, < 3.0)
      nori (~> 2.0)
      rubyntlm (~> 0.6.0)
    winrm-transport (1.0.3)
      rubyzip (~> 1.1, >= 1.1.7)
      winrm (~> 1.3)

PLATFORMS
  ruby

DEPENDENCIES
  kitchen-docker
  kitchen-puppet
  kitchen-vagrant
  librarian-puppet
  puppet
  puppet-lint
  puppetlabs_spec_helper
  rspec
  rspec-puppet
  serverspec
  test-kitchen
  winrm-transport

BUNDLED WITH
   1.12.5
